GEM
  remote: https://rubygems.org/
  specs:
    diff-lcs (1.5.0)
    rspec (3.12.0)
      rspec-core (~> 3.12.0)
      rspec-expectations (~> 3.12.0)
      rspec-mocks (~> 3.12.0)
    rspec-core (3.12.2)
      rspec-support (~> 3.12.0)
    rspec-expectations (3.12.3)
      diff-lcs (>= 1.2.0, < 2.0)
      rspec-support (~> 3.12.0)
    rspec-mocks (3.12.6)
      diff-lcs (>= 1.2.0, < 2.0)
      rspec-support (~> 3.12.0)
    rspec-support (3.12.1)

PLATFORMS
  x86_64-linux

DEPENDENCIES
  rspec (~> 3.0)

CHECKSUMS
  diff-lcs (1.5.0) sha256=49b934001c8c6aedb37ba19daec5c634da27b318a7a3c654ae979d6ba1929b67
  rspec (3.12.0) sha256=ccc41799a43509dc0be84070e3f0410ac95cbd480ae7b6c245543eb64162399c
  rspec-core (3.12.2) sha256=155b54480f28e2b2813185077fe435c2d663031616360ed3b179a9d6a55d2551
  rspec-expectations (3.12.3) sha256=093d18e2e7e0a2c619ef8f7343d442fc6c0793fb7897d56f16f26c8a9d244416
  rspec-mocks (3.12.6) sha256=de51a4148ba2ce6f1c1646a2a03e9df2f52da9a42b164f2e7467b2cbe37e07bf
  rspec-support (3.12.1) sha256=f969b85d0068ff97bc47c9d6fc2bca9706d73406f2b4e5d3b346443d8734c8cf

BUNDLED WITH
   2.5.0.dev
